GIT
  remote: git://github.com/capistrano/capistrano.git
  revision: e464e50e15d938ce705f5d41b86ab6d4fb7d857e
  specs:
    capistrano (2.5.20)
      highline
      net-scp (>= 1.0.0)
      net-sftp (>= 2.0.0)
      net-ssh (>= 2.0.14)
      net-ssh-gateway (>= 1.0.0)

GEM
  remote: http://rubygems.org/
  specs:
    abstract (1.0.0)
    actionmailer (3.0.5)
      actionpack (= 3.0.5)
      mail (~> 2.2.15)
    actionpack (3.0.5)
      activemodel (= 3.0.5)
      activesupport (= 3.0.5)
      builder (~> 2.1.2)
      erubis (~> 2.6.6)
      i18n (~> 0.4)
      rack (~> 1.2.1)
      rack-mount (~> 0.6.13)
      rack-test (~> 0.5.7)
      tzinfo (~> 0.3.23)
    activemodel (3.0.5)
      activesupport (= 3.0.5)
      builder (~> 2.1.2)
      i18n (~> 0.4)
    activerecord (3.0.5)
      activemodel (= 3.0.5)
      activesupport (= 3.0.5)
      arel (~> 2.0.2)
      tzinfo (~> 0.3.23)
    activeresource (3.0.5)
      activemodel (= 3.0.5)
      activesupport (= 3.0.5)
    activesupport (3.0.5)
    annotate (2.4.0)
    archive-tar-minitar (0.5.2)
    arel (2.0.9)
    awesome_print (0.3.2)
    bcrypt-ruby (2.1.4)
    bluecloth (2.1.0)
    builder (2.1.2)
    client_side_validations (3.0.0)
      activesupport (~> 3.0.0)
    columnize (0.3.2)
    devise (1.1.9)
      bcrypt-ruby (~> 2.1.2)
      warden (~> 1.0.2)
    diff-lcs (1.1.2)
    dynamic_form (1.1.3)
    erubis (2.6.6)
      abstract (>= 1.0.0)
    factory_girl (1.3.3)
    factory_girl_rails (1.0.1)
      factory_girl (~> 1.3)
      railties (>= 3.0.0)
    formtastic (1.2.3)
      actionpack (>= 2.3.7)
      activesupport (>= 2.3.7)
      i18n (~> 0.4)
    haml (3.0.25)
    haml-rails (0.3.4)
      actionpack (~> 3.0)
      activesupport (~> 3.0)
      haml (~> 3.0)
      railties (~> 3.0)
    highline (1.6.1)
    hirb (0.4.3)
    hoptoad_notifier (2.4.9)
      activesupport
      builder
    i18n (0.5.0)
    jquery-rails (0.2.7)
      rails (~> 3.0)
      thor (~> 0.14.4)
    kaminari (0.10.4)
      rails (>= 3.0.0)
    linecache19 (0.5.11)
      ruby_core_source (>= 0.1.4)
    mail (2.2.15)
      activesupport (>= 2.3.6)
      i18n (>= 0.4.0)
      mime-types (~> 1.16)
      treetop (~> 1.4.8)
    mime-types (1.16)
    mocha (0.9.12)
    mysql2 (0.2.7)
    net-scp (1.0.4)
      net-ssh (>= 1.99.1)
    net-sftp (2.0.5)
      net-ssh (>= 2.0.9)
    net-ssh (2.1.4)
    net-ssh-gateway (1.0.1)
      net-ssh (>= 1.99.1)
    polyglot (0.3.1)
    rack (1.2.2)
    rack-mount (0.6.14)
      rack (>= 1.0.0)
    rack-test (0.5.7)
      rack (>= 1.0)
    rails (3.0.5)
      actionmailer (= 3.0.5)
      actionpack (= 3.0.5)
      activerecord (= 3.0.5)
      activeresource (= 3.0.5)
      activesupport (= 3.0.5)
      bundler (~> 1.0)
      railties (= 3.0.5)
    railties (3.0.5)
      actionpack (= 3.0.5)
      activesupport (= 3.0.5)
      rake (>= 0.8.7)
      thor (~> 0.14.4)
    rake (0.8.7)
    rspec (2.5.0)
      rspec-core (~> 2.5.0)
      rspec-expectations (~> 2.5.0)
      rspec-mocks (~> 2.5.0)
    rspec-core (2.5.1)
    rspec-expectations (2.5.0)
      diff-lcs (~> 1.1.2)
    rspec-mocks (2.5.0)
    rspec-rails (2.5.0)
      actionpack (~> 3.0)
      activesupport (~> 3.0)
      railties (~> 3.0)
      rspec (~> 2.5.0)
    ruby-debug-base19 (0.11.24)
      columnize (>= 0.3.1)
      linecache19 (>= 0.5.11)
      ruby_core_source (>= 0.1.4)
    ruby-debug19 (0.11.6)
      columnize (>= 0.3.1)
      linecache19 (>= 0.5.11)
      ruby-debug-base19 (>= 0.11.19)
    ruby_core_source (0.1.4)
      archive-tar-minitar (>= 0.5.2)
    shoulda (2.11.3)
    simplecov (0.4.1)
      simplecov-html (~> 0.4.3)
    simplecov-html (0.4.3)
    thor (0.14.6)
    treetop (1.4.9)
      polyglot (>= 0.3.1)
    tzinfo (0.3.25)
    warden (1.0.3)
      rack (>= 1.0.0)
    watchr (0.7)
    yaml_db (0.2.0)

PLATFORMS
  ruby

DEPENDENCIES
  annotate
  awesome_print
  bluecloth (~> 2.1.0)
  capistrano!
  client_side_validations (~> 3.0.0)
  devise (~> 1.1.7)
  dynamic_form (~> 1.1.3)
  factory_girl_rails (~> 1.0.1)
  formtastic (~> 1.2.3)
  haml-rails (~> 0.3.4)
  hirb
  hoptoad_notifier (~> 2.4.9)
  jquery-rails (~> 0.2.7)
  kaminari (~> 0.10.4)
  mocha (~> 0.9.12)
  mysql2 (~> 0.2.6)
  rails (= 3.0.5)
  rspec-rails (~> 2.5.0)
  ruby-debug19 (~> 0.11.6)
  shoulda (~> 2.11.3)
  simplecov (~> 0.4.1)
  watchr (~> 0.7)
  yaml_db (~> 0.2.0)
